GIT
  remote: git://github.com/floehopper/mocha.git
  revision: 309d450b822bc37ffd15a291a9db7e24cb5a4517
  specs:
    mocha (0.9.12)
      metaclass (~> 0.0.1)

PATH
  remote: .
  specs:
    rack-webconsole (0.1.2)
      multi_json (~> 1.0.3)
      rack
      ripl (~> 0.5.1)
      ripl-multi_line (~> 0.3.0)

GEM
  remote: http://rubygems.org/
  specs:
    bluecloth (2.1.0)
    bond (0.4.1)
    metaclass (0.0.1)
    minitest (2.5.1)
    multi_json (1.0.3)
    purdytest (1.0.0)
      minitest (~> 2.2)
    rack (1.3.2)
    rake (0.9.2)
    ripl (0.5.1)
      bond (~> 0.4.0)
    ripl-multi_line (0.3.0)
      ripl (>= 0.3.6)
    yard (0.7.2)

PLATFORMS
  java
  ruby

DEPENDENCIES
  bluecloth
  minitest
  mocha!
  purdytest
  rack-webconsole!
  rake
  yard
